GEM
  remote: http://rubygems.org/
  specs:
    addressable (2.2.7)
    backports (2.4.0)
    daemons (1.1.8)
    dalli (1.1.5)
    domain_name (0.5.2)
      unf (~> 0.0.3)
    erubis (2.7.0)
    eventmachine (0.12.10)
    faraday (0.7.6)
      addressable (~> 2.2)
      multipart-post (~> 1.1)
      rack (~> 1.1)
    hashie (1.2.0)
    json (1.6.5)
    kgio (2.7.4)
    mechanize (2.3)
      domain_name (>= 0.5.1, ~> 0.5)
      mime-types (>= 1.17.2, ~> 1.17)
      net-http-digest_auth (>= 1.1.1, ~> 1.1)
      net-http-persistent (>= 2.5.2, ~> 2.5)
      nokogiri (~> 1.4)
      ntlm-http (>= 0.1.1, ~> 0.1)
      webrobots (>= 0.0.9, ~> 0.0)
    mime-types (1.18)
    multi_json (1.1.0)
    multipart-post (1.1.5)
    net-http-digest_auth (1.2)
    net-http-persistent (2.5.2)
    nokogiri (1.5.2)
    ntlm-http (0.1.1)
    oauth (0.4.5)
    oauth2 (0.5.2)
      faraday (~> 0.7)
      multi_json (~> 1.0)
    omniauth (1.0.3)
      hashie (~> 1.2)
      rack
    omniauth-facebook (1.2.0)
      omniauth-oauth2 (~> 1.0.0)
    omniauth-foursquare (0.0.7)
      omniauth (~> 1.0)
      omniauth-oauth2 (~> 1.0)
    omniauth-geoloqi (0.1.2)
      omniauth-oauth2 (>= 1.0.0)
    omniauth-github (1.0.1)
      omniauth (~> 1.0)
      omniauth-oauth2 (~> 1.0)
    omniauth-google (1.0.1)
      multi_json
      omniauth (~> 1.0.0)
      omniauth-oauth
    omniauth-oauth (1.0.1)
      oauth
      omniauth (~> 1.0)
    omniauth-oauth2 (1.0.0)
      oauth2 (~> 0.5.0)
      omniauth (~> 1.0)
    omniauth-twitter (0.0.8)
      omniauth-oauth (~> 1.0)
    rack (1.4.1)
    rack-protection (1.2.0)
      rack
    rack-test (0.6.1)
      rack (>= 1.0)
    rainbows (4.3.1)
      kgio (~> 2.5)
      rack (~> 1.1)
      unicorn (~> 4.1)
    raindrops (0.8.0)
    rake (0.9.2.2)
    shotgun (0.9)
      rack (>= 1.0)
    sinatra (1.3.2)
      rack (>= 1.3.6, ~> 1.3)
      rack-protection (~> 1.2)
      tilt (>= 1.3.3, ~> 1.3)
    sinatra-contrib (1.3.1)
      backports (>= 2.0)
      eventmachine
      rack-protection
      rack-test
      sinatra (~> 1.3.0)
      tilt (~> 1.3)
    sinatra-namespace (1.0)
      sinatra-contrib
    sinatra-support (1.2.2)
      sinatra (>= 1.0)
    thin (1.3.1)
      daemons (>= 1.0.9)
      eventmachine (>= 0.12.6)
      rack (>= 1.0.0)
    tilt (1.3.3)
    unf (0.0.5)
      unf_ext
    unf_ext (0.0.4)
    unicorn (4.2.0)
      kgio (~> 2.6)
      rack
      raindrops (~> 0.7)
    webrobots (0.0.13)

PLATFORMS
  ruby

DEPENDENCIES
  dalli
  erubis
  hashie
  json
  mechanize
  omniauth
  omniauth-facebook
  omniauth-foursquare
  omniauth-geoloqi
  omniauth-github
  omniauth-google
  omniauth-twitter
  rainbows
  rake
  shotgun
  sinatra
  sinatra-namespace
  sinatra-support
  thin
